GEM
  remote: http://rubygems.org/
  specs:
    actionmailer (2.3.12)
      actionpack (= 2.3.12)
    actionpack (2.3.12)
      activesupport (= 2.3.12)
      rack (~> 1.1.0)
    activerecord (2.3.12)
      activesupport (= 2.3.12)
    activeresource (2.3.12)
      activesupport (= 2.3.12)
    activesupport (2.3.12)
    autowatchr (0.1.5)
      watchr
    color (1.4.1)
    factory_girl (2.0.4)
    fastercsv (1.5.4)
    hoe (2.12.0)
      rake (~> 0.8)
    iobuffer (1.0.0)
    minitest (2.5.0)
    mynyml-redgreen (0.7.1)
      term-ansicolor (>= 1.0.4)
    nokogiri (1.5.0)
    pdf-writer (1.1.8)
      color (>= 1.4.0)
      transaction-simple (~> 1.3)
    rack (1.1.2)
    rails (2.3.12)
      actionmailer (= 2.3.12)
      actionpack (= 2.3.12)
      activerecord (= 2.3.12)
      activeresource (= 2.3.12)
      activesupport (= 2.3.12)
      rake (>= 0.8.3)
    rake (0.9.2)
    rcov (0.9.10)
    rev (0.3.2)
      iobuffer (>= 0.1.3)
    rgl (0.4.0)
      rake
      stream (>= 0.5)
    ruby-prof (0.10.8)
    ruport (1.6.3)
      fastercsv
      pdf-writer (= 1.1.8)
    sqlite3 (1.3.4)
    stream (0.5)
    term-ansicolor (1.0.6)
    transaction-simple (1.4.0)
      hoe (>= 1.1.7)
    watchr (0.7)

PLATFORMS
  ruby

DEPENDENCIES
  autowatchr
  factory_girl (= 2.0.4)
  minitest
  mynyml-redgreen
  nokogiri
  rails (= 2.3.12)
  rcov
  rev
  rgl
  ruby-prof
  ruport
  sqlite3
  watchr
