GEM
  remote: http://rubygems.org/
  specs:
    ZenTest (4.6.1)
    actionmailer (2.3.12)
      actionpack (= 2.3.12)
    actionpack (2.3.12)
      activesupport (= 2.3.12)
      rack (~> 1.1.0)
    activerecord (2.3.12)
      activesupport (= 2.3.12)
    activeresource (2.3.12)
      activesupport (= 2.3.12)
    activesupport (2.3.12)
    factory_girl (2.0.4)
    nokogiri (1.5.0)
    rack (1.1.2)
    rails (2.3.12)
      actionmailer (= 2.3.12)
      actionpack (= 2.3.12)
      activerecord (= 2.3.12)
      activeresource (= 2.3.12)
      activesupport (= 2.3.12)
      rake (>= 0.8.3)
    rake (0.9.2)
    rcov (0.9.10)
    redgreen (1.2.2)
    ruby-prof (0.10.8)
    shoulda-context (1.0.0.beta1)
    sqlite3 (1.3.4)

PLATFORMS
  ruby

DEPENDENCIES
  ZenTest
  factory_girl (= 2.0.4)
  nokogiri
  rails (= 2.3.12)
  rcov
  redgreen
  ruby-prof
  shoulda-context
  sqlite3
