GEM
  remote: http://rubygems.org/
  specs:
    actionmailer (2.3.12)
      actionpack (= 2.3.12)
    actionpack (2.3.12)
      activesupport (= 2.3.12)
      rack (~> 1.1.0)
    activerecord (2.3.12)
      activesupport (= 2.3.12)
    activeresource (2.3.12)
      activesupport (= 2.3.12)
    activesupport (2.3.12)
    arel (2.1.4)
    autowatchr (0.1.5)
      watchr
    color (1.4.1)
    factory_girl (2.0.4)
    fast_xs (0.8.0)
    fastercsv (1.5.4)
    googlecharts (1.6.8)
    haml (3.1.4)
    hoe (2.12.0)
      rake (~> 0.8)
    iobuffer (1.0.0)
    minitest (2.5.0)
    mynyml-redgreen (0.7.1)
      term-ansicolor (>= 1.0.4)
    mysql2 (0.2.18)
    nokogiri (1.5.0)
    pdf-writer (1.1.8)
      color (>= 1.4.0)
      transaction-simple (~> 1.3)
    rack (1.1.2)
    rails (2.3.12)
      actionmailer (= 2.3.12)
      actionpack (= 2.3.12)
      activerecord (= 2.3.12)
      activeresource (= 2.3.12)
      activesupport (= 2.3.12)
      rake (>= 0.8.3)
    rake (0.9.2)
    rcov (0.9.10)
    rdoc (3.9.4)
    rev (0.3.2)
      iobuffer (>= 0.1.3)
    rgl (0.4.0)
      rake
      stream (>= 0.5)
    ruby-prof (0.10.8)
    rubyzip (0.9.4)
    ruport (1.6.3)
      fastercsv
      pdf-writer (= 1.1.8)
    simple_xlsx_writer (0.5.3)
      fast_xs (>= 0.7.3)
      rubyzip (>= 0.9.4)
    sqlite3 (1.3.4)
    stream (0.5)
    term-ansicolor (1.0.6)
    transaction-simple (1.4.0)
      hoe (>= 1.1.7)
    watchr (0.7)
    xslt-morpheus (0.1)
      actionpack
      nokogiri

PLATFORMS
  ruby

DEPENDENCIES
  arel (~> 2.1)
  autowatchr
  factory_girl (= 2.0.4)
  fastercsv
  googlecharts
  haml
  minitest
  mynyml-redgreen
  mysql2 (~> 0.2.0)
  nokogiri
  rails (= 2.3.12)
  rcov
  rdoc
  rev
  rgl
  ruby-prof
  ruport
  simple_xlsx_writer
  sqlite3
  watchr
  xslt-morpheus (= 0.1)
