GEM
  remote: http://rubygems.org/
  specs:
    ZenTest (4.6.1)
    actionmailer (2.3.12)
      actionpack (= 2.3.12)
    actionpack (2.3.12)
      activesupport (= 2.3.12)
      rack (~> 1.1.0)
    activerecord (2.3.12)
      activesupport (= 2.3.12)
    activeresource (2.3.12)
      activesupport (= 2.3.12)
    activesupport (2.3.12)
    color (1.4.1)
    factory_girl (2.0.4)
    fastercsv (1.5.4)
    hoe (2.12.0)
      rake (~> 0.8)
    minitest (2.5.0)
    minitest-rg (0.4)
      minitest
    nokogiri (1.5.0)
    pdf-writer (1.1.8)
      color (>= 1.4.0)
      transaction-simple (~> 1.3)
    rack (1.1.2)
    rails (2.3.12)
      actionmailer (= 2.3.12)
      actionpack (= 2.3.12)
      activerecord (= 2.3.12)
      activeresource (= 2.3.12)
      activesupport (= 2.3.12)
      rake (>= 0.8.3)
    rake (0.9.2)
    rcov (0.9.10)
    rgl (0.4.0)
      rake
      stream (>= 0.5)
    ruby-prof (0.10.8)
    ruport (1.6.3)
      fastercsv
      pdf-writer (= 1.1.8)
    sqlite3 (1.3.4)
    stream (0.5)
    transaction-simple (1.4.0)
      hoe (>= 1.1.7)

PLATFORMS
  ruby

DEPENDENCIES
  ZenTest
  factory_girl (= 2.0.4)
  minitest
  minitest-rg
  nokogiri
  rails (= 2.3.12)
  rcov
  rgl
  ruby-prof
  ruport
  sqlite3
